GIT
  remote: https://github.com/plataformatec/devise.git
  revision: 15d195d2f064508e074cdd3c3733c94fbdd281c4
  specs:
    devise (1.2.rc2)
      bcrypt-ruby (~> 2.1.2)
      orm_adapter (~> 0.0.3)
      warden (~> 1.0.3)

GEM
  remote: http://rubygems.org/
  specs:
    RedCloth (4.2.7)
    abstract (1.0.0)
    actionmailer (3.0.5)
      actionpack (= 3.0.5)
      mail (~> 2.2.15)
    actionpack (3.0.5)
      activemodel (= 3.0.5)
      activesupport (= 3.0.5)
      builder (~> 2.1.2)
      erubis (~> 2.6.6)
      i18n (~> 0.4)
      rack (~> 1.2.1)
      rack-mount (~> 0.6.13)
      rack-test (~> 0.5.7)
      tzinfo (~> 0.3.23)
    activemodel (3.0.5)
      activesupport (= 3.0.5)
      builder (~> 2.1.2)
      i18n (~> 0.4)
    activerecord (3.0.5)
      activemodel (= 3.0.5)
      activesupport (= 3.0.5)
      arel (~> 2.0.2)
      tzinfo (~> 0.3.23)
    activeresource (3.0.5)
      activemodel (= 3.0.5)
      activesupport (= 3.0.5)
    activesupport (3.0.5)
    arel (2.0.9)
    bcrypt-ruby (2.1.4)
    builder (2.1.2)
    capistrano (2.5.19)
      highline
      net-scp (>= 1.0.0)
      net-sftp (>= 2.0.0)
      net-ssh (>= 2.0.14)
      net-ssh-gateway (>= 1.0.0)
    capybara (0.4.1.2)
      celerity (>= 0.7.9)
      culerity (>= 0.2.4)
      mime-types (>= 1.16)
      nokogiri (>= 1.3.3)
      rack (>= 1.0.0)
      rack-test (>= 0.5.4)
      selenium-webdriver (>= 0.0.27)
      xpath (~> 0.1.3)
    celerity (0.8.8)
    chalofa_ruby-progressbar (0.0.9.1)
    childprocess (0.1.7)
      ffi (~> 0.6.3)
    configuration (1.2.0)
    culerity (0.2.15)
    database_cleaner (0.6.5)
    diff-lcs (1.1.2)
    erubis (2.6.6)
      abstract (>= 1.0.0)
    faker (0.9.5)
      i18n (~> 0.4)
    ffi (0.6.3)
      rake (>= 0.8.7)
    fuubar (0.0.4)
      chalofa_ruby-progressbar (~> 0.0.9)
      rspec (~> 2.0)
      rspec-instafail (~> 0.1.4)
    haml (3.0.25)
    haml-rails (0.3.4)
      actionpack (~> 3.0)
      activesupport (~> 3.0)
      haml (~> 3.0)
      railties (~> 3.0)
    highline (1.6.1)
    hoptoad_notifier (2.4.7)
      activesupport
      builder
    i18n (0.5.0)
    jquery-rails (0.2.7)
      rails (~> 3.0)
      thor (~> 0.14.4)
    json_pure (1.5.1)
    launchy (0.4.0)
      configuration (>= 0.0.5)
      rake (>= 0.8.1)
    machinist (2.0.0.beta2)
    mail (2.2.15)
      activesupport (>= 2.3.6)
      i18n (>= 0.4.0)
      mime-types (~> 1.16)
      treetop (~> 1.4.8)
    mechanize (1.0.0)
      nokogiri (>= 1.2.1)
    mime-types (1.16)
    mysql2 (0.2.6)
    net-scp (1.0.4)
      net-ssh (>= 1.99.1)
    net-sftp (2.0.5)
      net-ssh (>= 2.0.9)
    net-ssh (2.1.3)
    net-ssh-gateway (1.0.1)
      net-ssh (>= 1.99.1)
    nokogiri (1.4.4)
    orm_adapter (0.0.4)
    polyglot (0.3.1)
    prarupa (0.1.2)
      RedCloth (~> 4.2)
      rdiscount (~> 1.6)
    rack (1.2.1)
    rack-mount (0.6.13)
      rack (>= 1.0.0)
    rack-test (0.5.7)
      rack (>= 1.0)
    rails (3.0.5)
      actionmailer (= 3.0.5)
      actionpack (= 3.0.5)
      activerecord (= 3.0.5)
      activeresource (= 3.0.5)
      activesupport (= 3.0.5)
      bundler (~> 1.0)
      railties (= 3.0.5)
    railties (3.0.5)
      actionpack (= 3.0.5)
      activesupport (= 3.0.5)
      rake (>= 0.8.7)
      thor (~> 0.14.4)
    rake (0.8.7)
    rdiscount (1.6.8)
    rspec (2.5.0)
      rspec-core (~> 2.5.0)
      rspec-expectations (~> 2.5.0)
      rspec-mocks (~> 2.5.0)
    rspec-core (2.5.1)
    rspec-expectations (2.5.0)
      diff-lcs (~> 1.1.2)
    rspec-instafail (0.1.7)
    rspec-mocks (2.5.0)
    rspec-rails (2.5.0)
      actionpack (~> 3.0)
      activesupport (~> 3.0)
      railties (~> 3.0)
      rspec (~> 2.5.0)
    rubyzip (0.9.4)
    selenium-webdriver (0.1.3)
      childprocess (~> 0.1.5)
      ffi (~> 0.6.3)
      json_pure
      rubyzip
    simplecov (0.4.1)
      simplecov-html (~> 0.4.3)
    simplecov-html (0.4.3)
    steak (1.1.0)
      rspec (>= 1.3)
    thor (0.14.6)
    treetop (1.4.9)
      polyglot (>= 0.3.1)
    tzinfo (0.3.24)
    warden (1.0.3)
      rack (>= 1.0.0)
    will_paginate (3.0.pre2)
    xpath (0.1.3)
      nokogiri (~> 1.3)

PLATFORMS
  ruby

DEPENDENCIES
  RedCloth
  capistrano
  capybara
  database_cleaner
  devise!
  faker
  fuubar
  haml (>= 3.0.0)
  haml-rails
  hoptoad_notifier
  jquery-rails
  launchy
  machinist (>= 2.0.0.beta1)
  mechanize
  mysql2
  prarupa
  rails
  rdiscount
  rspec-rails (>= 2.0.1)
  simplecov (>= 0.3.5)
  steak (>= 1.0.0.rc.1)
  will_paginate (~> 3.0.pre2)
